GEM
  remote: https://rubygems.org/
  specs:
    erubi (1.2.1)
    tilt (2.0.7)

PLATFORMS
  ruby

DEPENDENCIES
  erubi
  tilt

BUNDLED WITH
   1.15.1
