GEM
  remote: https://rubygems.org/
  specs:
    erubi (1.2.1)
    ffi (1.9.18)
    haml (5.0.1)
      temple (>= 0.8.0)
      tilt
    hashie (3.5.5)
    inflecto (0.0.2)
    listen (3.1.5)
      rb-fsevent (~> 0.9, >= 0.9.4)
      rb-inotify (~> 0.9, >= 0.9.7)
      ruby_dep (~> 1.2)
    oj (3.3.2)
    puma (3.9.1)
    rack (2.0.3)
    rb-fsevent (0.9.8)
    rb-inotify (0.9.8)
      ffi (>= 0.5.0)
    rerun (0.11.0)
      listen (~> 3.0)
    roda (2.27.0)
      rack
    ruby_dep (1.5.0)
    temple (0.8.0)
    tilt (2.0.7)

PLATFORMS
  ruby

DEPENDENCIES
  erubi
  haml
  hashie
  inflecto
  oj
  puma
  rerun
  roda
  tilt

BUNDLED WITH
   1.15.1
